GEM
  remote: http://rubygems.org/
  specs:
    coderay (1.0.8)
    jruby-jars (1.7.2)
    jruby-rack (1.1.12)
    method_source (0.8.1)
    pry (0.9.10-java)
      coderay (~> 1.0.5)
      method_source (~> 0.8)
      slop (~> 3.3.1)
      spoon (~> 0.0)
    rake (10.0.3)
    rubyzip (0.9.9)
    slop (3.3.3)
    spoon (0.0.1)
    warbler (1.3.6)
      jruby-jars (>= 1.4.0)
      jruby-rack (>= 1.0.0)
      rake (>= 0.8.7)
      rubyzip (>= 0.9.4)

PLATFORMS
  java

DEPENDENCIES
  jruby-jars
  pry
  warbler
